GEM
  remote: http://rubygems.org/
  specs:
    RedCloth (4.3.2)
    ffi (1.13.1)
    ficonabses (0.4.4)
    haml (5.1.2)
      temple (>= 0.8.0)
      tilt
    haml-contrib (1.0.0.1)
      haml (>= 3.2.0.alpha.13)
    httpclient (2.8.3)
    mini_portile2 (2.4.0)
    mustermann (2.0.2)
      ruby2_keywords (~> 0.0.1)
    nesta (0.12.0)
      RedCloth (~> 4.2)
      haml (>= 3.1)
      haml-contrib (>= 1.0)
      rack (~> 2.0)
      rdiscount (~> 2.1)
      sassc (>= 2.2)
      sinatra (~> 2.0)
      tilt (~> 2.0)
    nio4r (2.5.2)
    nokogiri (1.10.10)
      mini_portile2 (~> 2.4.0)
    power_assert (1.2.0)
    puma (4.3.5)
      nio4r (~> 2.0)
    rack (2.2.4)
    rack-protection (2.2.3)
      rack
    rack-ssl (1.4.1)
      rack
    rack-test (1.1.0)
      rack (>= 1.0, < 3)
    rdiscount (2.2.0.1)
    ruby2_keywords (0.0.5)
    sassc (2.4.0)
      ffi (~> 1.9)
    sinatra (2.2.3)
      mustermann (~> 2.0)
      rack (~> 2.2)
      rack-protection (= 2.2.3)
      tilt (~> 2.0)
    temple (0.8.2)
    test-unit (3.3.6)
      power_assert
    tilt (2.0.10)

PLATFORMS
  ruby

DEPENDENCIES
  ficonabses
  httpclient
  nesta
  nokogiri
  puma
  rack-ssl
  rack-test
  sinatra
  test-unit
  tilt

RUBY VERSION
   ruby 2.6.6p146

BUNDLED WITH
   1.17.3
