GEM
  remote: http://rubygems.org/
  specs:
    RedCloth (4.3.2)
    ffi (1.11.1)
    ficonabses (0.4.4)
    haml (5.1.2)
      temple (>= 0.8.0)
      tilt
    haml-contrib (1.0.0.1)
      haml (>= 3.2.0.alpha.13)
    httpclient (2.8.3)
    mini_portile2 (2.4.0)
    nesta (0.11.1)
      RedCloth (~> 4.2)
      haml (>= 3.1)
      haml-contrib (>= 1.0)
      rack (>= 1.3)
      rdiscount (~> 2.1)
      sass (>= 3.1)
      sinatra (~> 1.4)
      tilt (~> 1.4)
    nio4r (2.4.0)
    nokogiri (1.10.4)
      mini_portile2 (~> 2.4.0)
    power_assert (1.1.5)
    puma (4.1.0)
      nio4r (~> 2.0)
    rack (1.6.12)
    rack-protection (1.5.5)
      rack
    rack-ssl (1.4.1)
      rack
    rack-test (1.1.0)
      rack (>= 1.0, < 3)
    rb-fsevent (0.10.3)
    rb-inotify (0.10.0)
      ffi (~> 1.0)
    rdiscount (2.2.0.1)
    sass (3.7.4)
      sass-listen (~> 4.0.0)
    sass-listen (4.0.0)
      rb-fsevent (~> 0.9, >= 0.9.4)
      rb-inotify (~> 0.9, >= 0.9.7)
    sinatra (1.4.8)
      rack (~> 1.5)
      rack-protection (~> 1.4)
      tilt (>= 1.3, < 3)
    temple (0.8.1)
    test-unit (3.3.3)
      power_assert
    tilt (1.4.1)

PLATFORMS
  ruby

DEPENDENCIES
  ficonabses
  httpclient
  nesta
  nokogiri
  puma
  rack-ssl
  rack-test
  sinatra
  test-unit
  tilt

RUBY VERSION
   ruby 2.4.0p0

BUNDLED WITH
   1.17.3
